PATH
  remote: .
  specs:
    haml-jets (0.1.1)
      haml

GEM
  remote: https://rubygems.org/
  specs:
    diff-lcs (1.3)
    haml (5.1.0)
      temple (>= 0.8.0)
      tilt
    rake (13.0.1)
    rspec (3.8.0)
      rspec-core (~> 3.8.0)
      rspec-expectations (~> 3.8.0)
      rspec-mocks (~> 3.8.0)
    rspec-core (3.8.0)
      rspec-support (~> 3.8.0)
    rspec-expectations (3.8.2)
      diff-lcs (>= 1.2.0, < 2.0)
      rspec-support (~> 3.8.0)
    rspec-mocks (3.8.0)
      diff-lcs (>= 1.2.0, < 2.0)
      rspec-support (~> 3.8.0)
    rspec-support (3.8.0)
    temple (0.8.1)
    tilt (2.0.9)

PLATFORMS
  ruby

DEPENDENCIES
  bundler (~> 1.16)
  haml-jets!
  rake (~> 13.0)
  rspec (~> 3.0)

BUNDLED WITH
   1.17.3
